GEM
  remote: http://rubygems.org/
  specs:
    clipboard (0.9.4)
    diff-lcs (1.1.2)
    ffi (0.6.3)
      rake (>= 0.8.7)
    ffi-ncurses (0.3.3)
      ffi (>= 0.6.3)
    git (1.2.5)
    jeweler (1.5.2)
      bundler (~> 1.0.0)
      git (>= 1.2.5)
      rake
    rake (0.8.7)
    rspec (2.0.1)
      rspec-core (~> 2.0.1)
      rspec-expectations (~> 2.0.1)
      rspec-mocks (~> 2.0.1)
    rspec-core (2.0.1)
    rspec-expectations (2.0.1)
      diff-lcs (>= 1.1.2)
    rspec-mocks (2.0.1)
      rspec-core (~> 2.0.1)
      rspec-expectations (~> 2.0.1)

PLATFORMS
  ruby

DEPENDENCIES
  clipboard (>= 0.9.4)
  ffi-ncurses
  jeweler
  rake
  rspec (~> 2)
